GEM
  remote: https://rubygems.org/
  specs:
    amq-protocol (2.3.3)
    bunny (2.24.0)
      amq-protocol (~> 2.3)
      sorted_set (~> 1, >= 1.0.2)
    rbtree (0.4.6)
    set (1.1.1)
    sorted_set (1.0.3)
      rbtree
      set (~> 1.0)

PLATFORMS
  x86_64-linux

DEPENDENCIES
  bunny

BUNDLED WITH
   2.3.27
